GEM
  remote: https://rubygems.org/
  specs:
    chunky_png (1.2.8)
    coffee-script (2.2.0)
      coffee-script-source
      execjs
    coffee-script-source (1.6.2)
    daemons (1.1.9)
    eco (1.0.0)
      coffee-script
      eco-source
      execjs
    eco-source (1.1.0.rc.1)
    eventmachine (1.0.3)
    execjs (1.4.0)
      multi_json (~> 1.0)
    hike (1.2.1)
    multi_json (1.7.2)
    rack (1.5.2)
    rack-protection (1.5.0)
      rack
    rake (10.0.4)
    rmagick (2.13.2)
    sass (3.2.7)
    sinatra (1.4.2)
      rack (~> 1.5, >= 1.5.2)
      rack-protection (~> 1.4)
      tilt (~> 1.3, >= 1.3.4)
    sinatra-asset-pipeline (0.2.0)
      coffee-script
      rake
      sass
      sinatra
      sprockets
      sprockets-helpers
      sprockets-sass
    sprite-factory (1.5.3)
    sprockets (2.9.0)
      hike (~> 1.2)
      multi_json (~> 1.0)
      rack (~> 1.0)
      tilt (~> 1.1, != 1.3.0)
    sprockets-helpers (1.0.1)
      sprockets (~> 2.0)
    sprockets-sass (1.0.1)
      sprockets (~> 2.0)
      tilt (~> 1.1)
    thin (1.5.1)
      daemons (>= 1.0.9)
      eventmachine (>= 0.12.6)
      rack (>= 1.0.0)
    tilt (1.3.6)

PLATFORMS
  ruby

DEPENDENCIES
  chunky_png
  coffee-script
  eco
  rmagick
  sass
  sinatra
  sinatra-asset-pipeline
  sprite-factory
  sprockets
  sprockets-helpers
  sprockets-sass
  thin
