GIT
  remote: https://github.com/joshuairl/sinatra-sprockets.git
  revision: 9da813075a1a110db7b11ad578e3b67283513750
  specs:
    sinatra-sprockets (0.0.2)
      activesupport
      closure
      closure-compiler
      execjs
      sprockets
      therubyracer
      uglifier
      yui-compressor

GEM
  remote: https://rubygems.org/
  specs:
    POpen4 (0.1.4)
      Platform (>= 0.4.0)
      open4
    Platform (0.4.0)
    activesupport (3.2.13)
      i18n (= 0.6.1)
      multi_json (~> 1.0)
    chunky_png (1.2.8)
    closure (1.4.3)
      rack (>= 1.0.0)
    closure-compiler (1.1.8)
    coffee-script (2.2.0)
      coffee-script-source
      execjs
    coffee-script-source (1.6.2)
    daemons (1.1.9)
    eventmachine (1.0.3)
    execjs (1.4.0)
      multi_json (~> 1.0)
    hike (1.2.1)
    i18n (0.6.1)
    libv8 (3.11.8.17)
    multi_json (1.7.2)
    open4 (1.3.0)
    rack (1.5.2)
    rack-protection (1.5.0)
      rack
    ref (1.0.4)
    rmagick (2.13.2)
    sass (3.2.7)
    sinatra (1.4.2)
      rack (~> 1.5, >= 1.5.2)
      rack-protection (~> 1.4)
      tilt (~> 1.3, >= 1.3.4)
    sprite-factory (1.5.3)
    sprockets (2.9.0)
      hike (~> 1.2)
      multi_json (~> 1.0)
      rack (~> 1.0)
      tilt (~> 1.1, != 1.3.0)
    sprockets-sass (0.9.1)
      sprockets (~> 2.0)
      tilt (~> 1.1)
    therubyracer (0.11.4)
      libv8 (~> 3.11.8.12)
      ref
    thin (1.5.1)
      daemons (>= 1.0.9)
      eventmachine (>= 0.12.6)
      rack (>= 1.0.0)
    tilt (1.3.6)
    uglifier (1.3.0)
      execjs (>= 0.3.0)
      multi_json (~> 1.0, >= 1.0.2)
    yui-compressor (0.9.6)
      POpen4 (>= 0.1.4)

PLATFORMS
  ruby

DEPENDENCIES
  chunky_png
  coffee-script
  rmagick
  sass
  sinatra
  sinatra-sprockets!
  sprite-factory
  sprockets
  sprockets-sass
  thin
