<<<<<<< HEAD
GIT
  remote: https://github.com/viddo/sprockets-less.git
  revision: 802d334422ef03c1f24e3ff6edbe18832c53a3a6
  specs:
    sprockets-less (0.5.2)
      less (~> 2.3.0)
      tilt (~> 1.1)

PATH
  remote: /Users/joshua/Projects/sinatra-sprockets
  specs:
    sinatra-sprockets (0.0.2)
      closure-compiler
      execjs
      sprockets (~> 2.9.0)
      therubyracer
      uglifier
      yui-compressor

GEM
  remote: https://rubygems.org/
  specs:
    POpen4 (0.1.4)
      Platform (>= 0.4.0)
      open4
    Platform (0.4.0)
    closure-compiler (1.1.8)
    coffee-script (2.2.0)
      coffee-script-source
      execjs
    coffee-script-source (1.6.2)
    commonjs (0.2.6)
    execjs (1.4.0)
      multi_json (~> 1.0)
    hike (1.2.1)
    less (2.3.1)
      commonjs (~> 0.2.6)
    libv8 (3.11.8.13)
    multi_json (1.7.1)
    open4 (1.3.0)
    rack (1.5.2)
    rack-protection (1.5.0)
      rack
    ref (1.0.4)
    sinatra (1.4.2)
      rack (~> 1.5, >= 1.5.2)
      rack-protection (~> 1.4)
      tilt (~> 1.3, >= 1.3.4)
    sprockets (2.9.0)
=======
GEM
  specs:
    hike (1.2.1)
    multi_json (1.7.1)
    rack (1.5.2)
    sprockets (2.2.2)
>>>>>>> 7d34a8257a374e6b682263216be42b26f6287d7a
      hike (~> 1.2)
      multi_json (~> 1.0)
      rack (~> 1.0)
      tilt (~> 1.1, != 1.3.0)
<<<<<<< HEAD
    therubyracer (0.11.4)
      libv8 (~> 3.11.8.12)
      ref
    tilt (1.3.6)
    uglifier (1.3.0)
      execjs (>= 0.3.0)
      multi_json (~> 1.0, >= 1.0.2)
    yui-compressor (0.9.6)
      POpen4 (>= 0.1.4)
=======
    tilt (1.3.6)
>>>>>>> 7d34a8257a374e6b682263216be42b26f6287d7a

PLATFORMS
  ruby

DEPENDENCIES
<<<<<<< HEAD
  coffee-script
  less
  sinatra
  sinatra-sprockets!
  sprockets
  sprockets-less!
  therubyracer
=======
  sprockets (~> 2.0)
>>>>>>> 7d34a8257a374e6b682263216be42b26f6287d7a
